GEM
  remote: https://rubygems.org/
  specs:
    coffee-script (2.4.1)
      coffee-script-source
      execjs
    coffee-script-source (1.10.0)
    concurrent-ruby (1.0.1)
    execjs (2.6.0)
    json (1.8.3)
    libv8 (3.16.14.13)
    paint (1.0.1)
    rack (1.6.4)
    rake (11.1.1)
    ref (2.0.0)
    sprockets (3.5.2)
      concurrent-ruby (~> 1.0)
      rack (> 1, < 3)
    therubyracer (0.12.2)
      libv8 (~> 3.16.14.0)
      ref
    uglifier (2.7.2)
      execjs (>= 0.3.0)
      json (>= 1.8.0)

PLATFORMS
  ruby

DEPENDENCIES
  coffee-script
  json
  paint
  rake
  sprockets
  therubyracer
  uglifier

BUNDLED WITH
   1.11.2
