GEM
  remote: https://rubygems.org/
  specs:
    coffee-script (2.4.1)
      coffee-script-source
      execjs
    coffee-script-source (1.12.2)
    concurrent-ruby (1.0.5)
    execjs (2.7.0)
    json (2.1.0)
    libv8 (3.16.14.19)
    paint (2.0.0)
    rack (2.0.1)
    rake (12.0.0)
    ref (2.0.0)
    sprockets (3.7.1)
      concurrent-ruby (~> 1.0)
      rack (> 1, < 3)
    therubyracer (0.12.3)
      libv8 (~> 3.16.14.15)
      ref
    uglifier (3.2.0)
      execjs (>= 0.3.0, < 3)

PLATFORMS
  ruby

DEPENDENCIES
  coffee-script
  json
  paint
  rake
  sprockets
  therubyracer
  uglifier

BUNDLED WITH
   1.14.6
